GEM
  remote: https://rubygems.org/
  specs:
    ruby2d (0.8.1)
    xml-simple (1.1.5)

PLATFORMS
  ruby

DEPENDENCIES
  ruby2d
  xml-simple
